GEM
  remote: http://rubygems.org/
  specs:
    bourbon (3.1.8)
      sass (>= 3.2.0)
      thor
    coffee-script (2.2.0)
      coffee-script-source
      execjs
    coffee-script-source (1.7.0)
    concurrent-ruby (1.1.6)
    execjs (2.0.2)
    filewatcher (0.3.2)
      trollop (>= 1.16.2)
    json (1.8.1)
    rack (2.2.3)
    rake (10.1.1)
    sass (3.2.13)
    sprockets (3.7.2)
      concurrent-ruby (~> 1.0)
      rack (> 1, < 3)
    thor (0.18.1)
    trollop (2.0)
    uglifier (2.4.0)
      execjs (>= 0.3.0)
      json (>= 1.8.0)

PLATFORMS
  ruby

DEPENDENCIES
  bourbon
  coffee-script
  filewatcher
  rake
  sass
  sprockets (>= 3.3.5)
  uglifier

BUNDLED WITH
   1.17.3
